GEM
  remote: https://rubygems.org/
  specs:
    minitest (5.10.2)
    puma (3.9.1)

PLATFORMS
  ruby

DEPENDENCIES
  minitest
  puma

BUNDLED WITH
   1.13.6
